ObjectType = Image
NDims = 3
BinaryData = True
BinaryDataByteOrderMSB = False
CompressedData = False
TransformMatrix = 1 0 0 0 1 0 0 0 1
Offset = -190 -186.300003 -327.75
CenterOfRotation = 0 0 0
AnatomicalOrientation = RAI
ElementSpacing = 0.7421879768371582 0.7421879768371582 2.5
DimSize = 512 512 128
ElementType = MET_SHORT
ElementDataFile = 1.3.6.1.4.1.14519.5.2.1.6279.6001.140253591510022414496468423138.raw
