ObjectType = Image
NDims = 3
BinaryData = True
BinaryDataByteOrderMSB = False
CompressedData = False
TransformMatrix = 1 0 0 0 1 0 0 0 1
Offset = -185.1318359375 -355.1318359375 -430
CenterOfRotation = 0 0 0
AnatomicalOrientation = RAI
ElementSpacing = 0.736328125 0.736328125 1
DimSize = 512 512 385
ElementType = MET_SHORT
ElementDataFile = 1.3.6.1.4.1.14519.5.2.1.6279.6001.143622857676008763729469324839.raw
