ObjectType = Image
NDims = 3
BinaryData = True
BinaryDataByteOrderMSB = False
CompressedData = False
TransformMatrix = 1 0 0 0 1 0 0 0 1
Offset = -162.2001953125 -331.2001953125 -25
CenterOfRotation = 0 0 0
AnatomicalOrientation = RAI
ElementSpacing = 0.599609375 0.599609375 1
DimSize = 512 512 343
ElementType = MET_SHORT
ElementDataFile = 1.3.6.1.4.1.14519.5.2.1.6279.6001.137773550852881583165286615668.raw
