ObjectType = Image
NDims = 3
BinaryData = True
BinaryDataByteOrderMSB = False
CompressedData = False
TransformMatrix = 1 0 0 0 1 0 0 0 1
Offset = -236 -236 -310
CenterOfRotation = 0 0 0
AnatomicalOrientation = RAI
ElementSpacing = 0.921875 0.921875 1.25
DimSize = 512 512 257
ElementType = MET_SHORT
ElementDataFile = 1.3.6.1.4.1.14519.5.2.1.6279.6001.177086402277715068525592995222.raw
