ObjectType = Image
NDims = 3
BinaryData = True
BinaryDataByteOrderMSB = False
CompressedData = False
TransformMatrix = 1 0 0 0 1 0 0 0 1
Offset = -163.199997 -145.5 -380
CenterOfRotation = 0 0 0
AnatomicalOrientation = RAI
ElementSpacing = 0.73242199420928955 0.73242199420928955 1.25
DimSize = 512 512 305
ElementType = MET_SHORT
ElementDataFile = 1.3.6.1.4.1.14519.5.2.1.6279.6001.153985109349433321657655488650.raw
