ObjectType = Image
NDims = 3
BinaryData = True
BinaryDataByteOrderMSB = False
CompressedData = False
TransformMatrix = 1 0 0 0 1 0 0 0 1
Offset = -207.5 -200 -311.25
CenterOfRotation = 0 0 0
AnatomicalOrientation = RAI
ElementSpacing = 0.78125 0.78125 2.5
DimSize = 512 512 117
ElementType = MET_SHORT
ElementDataFile = 1.3.6.1.4.1.14519.5.2.1.6279.6001.112767175295249119452142211437.raw
